GEM
  remote: https://rubygems.org/
  specs:
    ruby-filemagic (0.6.1)

PLATFORMS
  ruby

DEPENDENCIES
  ruby-filemagic (= 0.6.1)
