GEM
  remote: https://rubygems.org/
  specs:
    headless (1.0.2)
    mini_portile (0.5.3)
    nokogiri (1.6.1)
      mini_portile (~> 0.5.0)
    ruby-filemagic (0.6.1)

PLATFORMS
  ruby

DEPENDENCIES
  headless
  nokogiri
  ruby-filemagic
